PATH
  remote: .
  specs:
    jekyll-theme-chirpy (6.4.2)
      jekyll (~> 4.3)
      jekyll-archives (~> 2.2)
      jekyll-include-cache (~> 0.2)
      jekyll-paginate (~> 1.1)
      jekyll-redirect-from (~> 0.16)
      jekyll-seo-tag (~> 2.8)
      jekyll-sitemap (~> 1.4)

GEM
  remote: https://rubygems.org/
  specs:
    addressable (2.8.7)
      public_suffix (>= 2.0.2, < 7.0)
    base64 (0.2.0)
    colorator (1.1.0)
    concurrent-ruby (1.3.5)
    cssminify2 (2.0.1)
    csv (3.3.2)
    em-websocket (0.5.3)
      eventmachine (>= 0.12.9)
      http_parser.rb (~> 0)
    ethon (0.16.0)
      ffi (>= 1.15.0)
    eventmachine (1.2.7)
    execjs (2.10.0)
    ffi (1.17.1-x64-mingw-ucrt)
    ffi (1.17.1-x86_64-linux-gnu)
    forwardable-extended (2.6.0)
    google-protobuf (3.25.6-x64-mingw-ucrt)
    google-protobuf (3.25.6-x86_64-linux)
    html-proofer (4.4.3)
      addressable (~> 2.3)
      mercenary (~> 0.3)
      nokogiri (~> 1.13)
      parallel (~> 1.10)
      rainbow (~> 3.0)
      typhoeus (~> 1.3)
      yell (~> 2.0)
      zeitwerk (~> 2.5)
    htmlcompressor (0.4.0)
    http_parser.rb (0.8.0)
    i18n (1.14.7)
      concurrent-ruby (~> 1.0)
    jekyll (4.4.1)
      addressable (~> 2.4)
      base64 (~> 0.2)
      colorator (~> 1.0)
      csv (~> 3.0)
      em-websocket (~> 0.5)
      i18n (~> 1.0)
      jekyll-sass-converter (>= 2.0, < 4.0)
      jekyll-watch (~> 2.0)
      json (~> 2.6)
      kramdown (~> 2.3, >= 2.3.1)
      kramdown-parser-gfm (~> 1.0)
      liquid (~> 4.0)
      mercenary (~> 0.3, >= 0.3.6)
      pathutil (~> 0.9)
      rouge (>= 3.0, < 5.0)
      safe_yaml (~> 1.0)
      terminal-table (>= 1.8, < 4.0)
      webrick (~> 1.7)
    jekyll-admin (0.12.0)
      jekyll (>= 3.7, < 5.0)
      rackup (~> 2.0)
      sinatra (~> 4.0)
      sinatra-contrib (~> 4.0)
    jekyll-archives (2.3.0)
      jekyll (>= 3.6, < 5.0)
    jekyll-feed (0.17.0)
      jekyll (>= 3.7, < 5.0)
    jekyll-include-cache (0.2.1)
      jekyll (>= 3.7, < 5.0)
    jekyll-minifier (0.1.10)
      cssminify2 (~> 2.0)
      htmlcompressor (~> 0.4)
      jekyll (>= 3.5)
      json-minify (~> 0.0.3)
      uglifier (~> 4.1)
    jekyll-optional-front-matter (0.3.2)
      jekyll (>= 3.0, < 5.0)
    jekyll-paginate (1.1.0)
    jekyll-paginate-v2 (3.0.0)
      jekyll (>= 3.0, < 5.0)
    jekyll-redirect-from (0.16.0)
      jekyll (>= 3.3, < 5.0)
    jekyll-sass-converter (3.0.0)
      sass-embedded (~> 1.54)
    jekyll-seo-tag (2.8.0)
      jekyll (>= 3.8, < 5.0)
    jekyll-sitemap (1.4.0)
      jekyll (>= 3.7, < 5.0)
    jekyll-titles-from-headings (0.5.3)
      jekyll (>= 3.3, < 5.0)
    jekyll-watch (2.2.1)
      listen (~> 3.0)
    json (2.9.1)
    json-minify (0.0.3)
      json (> 0)
    kramdown (2.5.1)
      rexml (>= 3.3.9)
    kramdown-parser-gfm (1.1.0)
      kramdown (~> 2.0)
    liquid (4.0.4)
    listen (3.9.0)
      rb-fsevent (~> 0.10, >= 0.10.3)
      rb-inotify (~> 0.9, >= 0.9.10)
    logger (1.7.0)
    mercenary (0.4.0)
    multi_json (1.15.0)
    mustermann (3.0.3)
      ruby2_keywords (~> 0.0.1)
    nokogiri (1.16.0-x64-mingw-ucrt)
      racc (~> 1.4)
    nokogiri (1.16.0-x86_64-linux)
      racc (~> 1.4)
    parallel (1.24.0)
    pathutil (0.16.2)
      forwardable-extended (~> 2.6)
    public_suffix (6.0.1)
    racc (1.7.3)
    rack (3.1.16)
    rack-protection (4.1.1)
      base64 (>= 0.1.0)
      logger (>= 1.6.0)
      rack (>= 3.0.0, < 4)
    rack-session (2.1.1)
      base64 (>= 0.1.0)
      rack (>= 3.0.0)
    rackup (2.2.1)
      rack (>= 3)
    rainbow (3.1.1)
    rake (13.3.0)
    rb-fsevent (0.11.2)
    rb-inotify (0.11.1)
      ffi (~> 1.0)
    rexml (3.4.0)
    rouge (4.5.1)
    ruby2_keywords (0.0.5)
    safe_yaml (1.0.5)
    sass-embedded (1.69.5-x64-mingw-ucrt)
      google-protobuf (~> 3.23)
    sass-embedded (1.69.5-x86_64-linux-gnu)
      google-protobuf (~> 3.23)
    sinatra (4.1.1)
      logger (>= 1.6.0)
      mustermann (~> 3.0)
      rack (>= 3.0.0, < 4)
      rack-protection (= 4.1.1)
      rack-session (>= 2.0.0, < 3)
      tilt (~> 2.0)
    sinatra-contrib (4.1.1)
      multi_json (>= 0.0.2)
      mustermann (~> 3.0)
      rack-protection (= 4.1.1)
      sinatra (= 4.1.1)
      tilt (~> 2.0)
    terminal-table (3.0.2)
      unicode-display_width (>= 1.1.1, < 3)
    tilt (2.6.0)
    typhoeus (1.4.1)
      ethon (>= 0.9.0)
    tzinfo (2.0.6)
      concurrent-ruby (~> 1.0)
    tzinfo-data (1.2023.4)
      tzinfo (>= 1.0.0)
    uglifier (4.2.1)
      execjs (>= 0.3.0, < 3)
    unicode-display_width (2.6.0)
    wdm (0.1.1)
    webrick (1.9.1)
    yell (2.2.2)
    zeitwerk (2.6.12)

PLATFORMS
  x64-mingw-ucrt
  x86_64-linux

DEPENDENCIES
  html-proofer (~> 4.4)
  http_parser.rb (~> 0.6.0)
  jekyll
  jekyll-admin
  jekyll-archives
  jekyll-feed
  jekyll-minifier
  jekyll-optional-front-matter
  jekyll-paginate-v2
  jekyll-redirect-from
  jekyll-seo-tag
  jekyll-sitemap
  jekyll-theme-chirpy!
  jekyll-titles-from-headings
  rake
  tzinfo (>= 1, < 3)
  tzinfo-data
  wdm (~> 0.1.1)
  webrick (~> 1.7)

BUNDLED WITH
   2.5.4
